PATH
  remote: .
  specs:
    es_importer (0.3.0)
      aws-sdk
      elasticsearch
      faraday
      faraday_middleware
      faraday_middleware-aws-signers-v4
      typhoeus

GEM
  remote: https://rubygems.org/
  specs:
    aws-sdk (2.11.28)
      aws-sdk-resources (= 2.11.28)
    aws-sdk-core (2.11.28)
      aws-sigv4 (~> 1.0)
      jmespath (~> 1.0)
    aws-sdk-resources (2.11.28)
      aws-sdk-core (= 2.11.28)
    aws-sigv4 (1.0.2)
    diff-lcs (1.3)
    elasticsearch (6.0.2)
      elasticsearch-api (= 6.0.2)
      elasticsearch-transport (= 6.0.2)
    elasticsearch-api (6.0.2)
      multi_json
    elasticsearch-transport (6.0.2)
      faraday
      multi_json
    ethon (0.11.0)
      ffi (>= 1.3.0)
    faraday (0.14.0)
      multipart-post (>= 1.2, < 3)
    faraday_middleware (0.12.2)
      faraday (>= 0.7.4, < 1.0)
    faraday_middleware-aws-signers-v4 (0.1.9)
      aws-sdk-resources (>= 2, < 3)
      faraday (~> 0.9)
    ffi (1.9.23)
    jmespath (1.3.1)
    multi_json (1.13.1)
    multipart-post (2.0.0)
    rake (10.5.0)
    rspec (3.7.0)
      rspec-core (~> 3.7.0)
      rspec-expectations (~> 3.7.0)
      rspec-mocks (~> 3.7.0)
    rspec-core (3.7.1)
      rspec-support (~> 3.7.0)
    rspec-expectations (3.7.0)
      diff-lcs (>= 1.2.0, < 2.0)
      rspec-support (~> 3.7.0)
    rspec-mocks (3.7.0)
      diff-lcs (>= 1.2.0, < 2.0)
      rspec-support (~> 3.7.0)
    rspec-support (3.7.1)
    typhoeus (1.3.0)
      ethon (>= 0.9.0)

PLATFORMS
  ruby

DEPENDENCIES
  bundler (~> 1.16)
  es_importer!
  rake (~> 10.0)
  rspec (~> 3.0)

BUNDLED WITH
   1.16.1
