PATH
  remote: .
  specs:
    es_importer (0.5.0)
      aws-sdk-dynamodb
      elasticsearch
      faraday
      faraday_middleware
      faraday_middleware-aws-sigv4
      typhoeus

GEM
  remote: https://rubygems.org/
  specs:
    aws-eventstream (1.0.0)
    aws-partitions (1.91.0)
    aws-sdk-core (3.21.2)
      aws-eventstream (~> 1.0)
      aws-partitions (~> 1.0)
      aws-sigv4 (~> 1.0)
      jmespath (~> 1.0)
    aws-sdk-dynamodb (1.6.0)
      aws-sdk-core (~> 3)
      aws-sigv4 (~> 1.0)
    aws-sigv4 (1.0.2)
    diff-lcs (1.3)
    elasticsearch (6.0.3)
      elasticsearch-api (= 6.0.3)
      elasticsearch-transport (= 6.0.3)
    elasticsearch-api (6.0.3)
      multi_json
    elasticsearch-transport (6.0.3)
      faraday
      multi_json
    ethon (0.11.0)
      ffi (>= 1.3.0)
    faraday (0.15.2)
      multipart-post (>= 1.2, < 3)
    faraday_middleware (0.12.2)
      faraday (>= 0.7.4, < 1.0)
    faraday_middleware-aws-sigv4 (0.2.4)
      aws-sigv4 (~> 1.0)
      faraday (>= 0.9)
    ffi (1.9.25)
    jmespath (1.4.0)
    multi_json (1.13.1)
    multipart-post (2.0.0)
    rake (10.5.0)
    rspec (3.7.0)
      rspec-core (~> 3.7.0)
      rspec-expectations (~> 3.7.0)
      rspec-mocks (~> 3.7.0)
    rspec-core (3.7.1)
      rspec-support (~> 3.7.0)
    rspec-expectations (3.7.0)
      diff-lcs (>= 1.2.0, < 2.0)
      rspec-support (~> 3.7.0)
    rspec-mocks (3.7.0)
      diff-lcs (>= 1.2.0, < 2.0)
      rspec-support (~> 3.7.0)
    rspec-support (3.7.1)
    typhoeus (1.3.0)
      ethon (>= 0.9.0)

PLATFORMS
  ruby

DEPENDENCIES
  bundler (~> 1.16)
  es_importer!
  rake (~> 10.0)
  rspec (~> 3.0)

BUNDLED WITH
   1.16.1
